PATH
  remote: .
  specs:
    roast (0.1.0)
      cli-kit (~> 5.0.1)
      cli-ui (~> 2.3.1)
      faraday-retry

GEM
  remote: https://rubygems.org/
  specs:
    addressable (2.8.7)
      public_suffix (>= 2.0.2, < 7.0)
    ansi (1.5.0)
    ast (2.4.3)
    base64 (0.2.0)
    bigdecimal (3.1.9)
    builder (3.3.0)
    cli-kit (5.0.1)
      cli-ui (~> 2.0)
    cli-ui (2.3.1)
    crack (1.0.0)
      bigdecimal
      rexml
    faraday (2.13.0)
      faraday-net_http (>= 2.0, < 3.5)
      json
      logger
    faraday-net_http (3.4.0)
      net-http (>= 0.5.0)
    faraday-retry (2.3.1)
      faraday (~> 2.0)
    hashdiff (1.1.2)
    json (2.10.2)
    language_server-protocol (3.17.0.4)
    lint_roller (1.1.0)
    logger (1.7.0)
    minitest (5.25.5)
    minitest-reporters (1.7.1)
      ansi
      builder
      minitest (>= 5.0)
      ruby-progressbar
    mocha (2.7.1)
      ruby2_keywords (>= 0.0.5)
    net-http (0.6.0)
      uri
    parallel (1.27.0)
    parser (3.3.8.0)
      ast (~> 2.4.1)
      racc
    prism (1.4.0)
    public_suffix (6.0.1)
    racc (1.8.1)
    rainbow (3.1.1)
    regexp_parser (2.10.0)
    rexml (3.4.1)
    rubocop (1.75.3)
      json (~> 2.3)
      language_server-protocol (~> 3.17.0.2)
      lint_roller (~> 1.1.0)
      parallel (~> 1.10)
      parser (>= 3.3.0.2)
      rainbow (>= 2.2.2, < 4.0)
      regexp_parser (>= 2.9.3, < 3.0)
      rubocop-ast (>= 1.44.0, < 2.0)
      ruby-progressbar (~> 1.7)
      unicode-display_width (>= 2.4.0, < 4.0)
    rubocop-ast (1.44.1)
      parser (>= 3.3.7.2)
      prism (~> 1.4)
    rubocop-minitest (0.38.0)
      lint_roller (~> 1.1)
      rubocop (>= 1.75.0, < 2.0)
      rubocop-ast (>= 1.38.0, < 2.0)
    rubocop-shopify (2.17.0)
      rubocop (~> 1.62)
    ruby-progressbar (1.13.0)
    ruby2_keywords (0.0.5)
    unicode-display_width (3.1.4)
      unicode-emoji (~> 4.0, >= 4.0.4)
    unicode-emoji (4.0.4)
    uri (1.0.3)
    vcr (6.3.1)
      base64
    webmock (3.25.1)
      addressable (>= 2.8.0)
      crack (>= 0.3.2)
      hashdiff (>= 0.4.0, < 2.0.0)

PLATFORMS
  arm64-darwin-23
  ruby

DEPENDENCIES
  minitest
  minitest-reporters
  mocha
  roast!
  rubocop-minitest
  rubocop-shopify
  vcr
  webmock

BUNDLED WITH
   2.6.8
